GEM
  remote: http://rubygems.org/
  specs:
    diff-lcs (1.2.5)
    git (1.2.5)
    jeweler (1.8.4)
      bundler (~> 1.0)
      git (>= 1.2.5)
      rake
      rdoc
    json (1.8.0)
    multi_json (1.7.6)
    rack (1.5.2)
    rack-test (0.6.2)
      rack (>= 1.0)
    rake (10.0.4)
    rdoc (4.0.1)
      json (~> 1.4)
    redcarpet (2.3.0)
    rspec (3.0.0)
      rspec-core (~> 3.0.0)
      rspec-expectations (~> 3.0.0)
      rspec-mocks (~> 3.0.0)
    rspec-core (3.0.1)
      rspec-support (~> 3.0.0)
    rspec-expectations (3.0.1)
      diff-lcs (>= 1.2.0, < 2.0)
      rspec-support (~> 3.0.0)
    rspec-mocks (3.0.1)
      rspec-support (~> 3.0.0)
    rspec-support (3.0.0)
    simplecov (0.7.1)
      multi_json (~> 1.0)
      simplecov-html (~> 0.7.1)
    simplecov-html (0.7.1)
    timecop (0.7.1)
    yard (0.8.6.1)

PLATFORMS
  ruby

DEPENDENCIES
  jeweler
  rack (>= 1.0.0)
  rack-test
  rake
  redcarpet
  rspec
  simplecov
  timecop
  yard
